GEM
  remote: http://rubygems.org/
  specs:
    addressable (2.2.6)
    async-rack (0.5.1)
      rack (~> 1.1)
    bson (1.3.1)
    bson_ext (1.3.1)
    em-http-request (0.3.0)
      addressable (>= 2.0.0)
      escape_utils
      eventmachine (>= 0.12.9)
    em-synchrony (0.3.0.beta.1)
      eventmachine (>= 1.0.0.beta.1)
    escape_utils (0.2.3)
    eventmachine (1.0.0.beta.3)
    goliath (0.9.2)
      async-rack
      em-synchrony (>= 0.3.0.beta.1)
      eventmachine (>= 1.0.0.beta.3)
      http_parser.rb
      http_router (~> 0.8.9)
      log4r
      multi_json
      rack (>= 1.2.2)
      rack-contrib
      rack-respond_to
    http_parser.rb (0.5.1)
    http_router (0.8.11)
      rack (>= 1.0.0)
      url_mount (~> 0.2.1)
    log4r (1.1.9)
    mongo (1.3.1)
      bson (>= 1.3.1)
    multi_json (1.0.3)
    rack (1.3.2)
    rack-accept-media-types (0.9)
    rack-contrib (1.1.0)
      rack (>= 0.9.1)
    rack-respond_to (0.9.8)
      rack-accept-media-types (>= 0.6)
    url_mount (0.2.1)
      rack

PLATFORMS
  ruby

DEPENDENCIES
  bson_ext
  em-http-request
  goliath
  http_router
  mongo
